GEM
  remote: https://rubygems.org/
  specs:
    diff-lcs (1.3)
    jasmine (3.2.0)
      jasmine-core (= 3.2.0)
      phantomjs
      rack (>= 1.2.1)
      rake
    jasmine-core (3.2.0)
    phantomjs (2.1.1.0)
    rack (2.0.5)
    rake (12.3.1)
    rspec (3.8.0)
      rspec-core (~> 3.8.0)
      rspec-expectations (~> 3.8.0)
      rspec-mocks (~> 3.8.0)
    rspec-core (3.8.0)
      rspec-support (~> 3.8.0)
    rspec-expectations (3.8.1)
      diff-lcs (>= 1.2.0, < 2.0)
      rspec-support (~> 3.8.0)
    rspec-mocks (3.8.0)
      diff-lcs (>= 1.2.0, < 2.0)
      rspec-support (~> 3.8.0)
    rspec-support (3.8.0)

PLATFORMS
  ruby

DEPENDENCIES
  jasmine
  rspec

BUNDLED WITH
   1.16.2
